GEM
  remote: https://rubygems.org/
  specs:
    sbconstants (1.0.0)

PLATFORMS
  ruby

DEPENDENCIES
  sbconstants
