GEM
  remote: https://rubygems.org/
  specs:
    sbconstants (1.1.1)

PLATFORMS
  ruby

DEPENDENCIES
  sbconstants
